GEM
  remote: https://rubygems.org/
  specs:
    ang_ttt_gem (1.0.8)
    coderay (1.0.7)
    diff-lcs (1.1.3)
    method_source (0.8)
    pry (0.9.10)
      coderay (~> 1.0.5)
      method_source (~> 0.8)
      slop (~> 3.3.1)
    pry-nav (0.2.2)
      pry (~> 0.9.10)
    rack (1.4.1)
    rack-protection (1.2.0)
      rack
    rack-test (0.6.1)
      rack (>= 1.0)
    rspec (2.11.0)
      rspec-core (~> 2.11.0)
      rspec-expectations (~> 2.11.0)
      rspec-mocks (~> 2.11.0)
    rspec-core (2.11.1)
    rspec-expectations (2.11.3)
      diff-lcs (~> 1.1.3)
    rspec-mocks (2.11.2)
    shotgun (0.9)
      rack (>= 1.0)
    sinatra (1.3.3)
      rack (~> 1.3, >= 1.3.6)
      rack-protection (~> 1.2)
      tilt (~> 1.3, >= 1.3.3)
    slop (3.3.3)
    tilt (1.3.3)

PLATFORMS
  ruby

DEPENDENCIES
  ang_ttt_gem (~> 1.0.1)
  pry (~> 0.9.10)
  pry-nav (~> 0.2.2)
  rack (~> 1.4.1)
  rack-test (~> 0.6.1)
  rspec (~> 2.11.0)
  shotgun (~> 0.9)
  sinatra (~> 1.3.3)
